GIT
  remote: http://github.com/deepfryed/eventmachine
  revision: 934fc7c6a05fbfdaa260ef2920ae8af10000da37
  specs:
    eventmachine (1.0.0.rc.4)

GIT
  remote: http://github.com/deepfryed/pastry
  revision: 6893ee119c7cae76750f2515f6ac67878cfd4e4a
  specs:
    pastry (0.2.0)
      thin

GEM
  remote: http://rubygems.org/
  specs:
    addressable (2.3.2)
    async-rack (0.5.1)
      rack (~> 1.1)
    cookiejar (0.3.0)
    daemons (1.1.9)
    em-http-request (1.0.3)
      addressable (>= 2.2.3)
      cookiejar
      em-socksify
      eventmachine (>= 1.0.0.beta.4)
      http_parser.rb (>= 0.5.3)
    em-socksify (0.2.1)
      eventmachine (>= 1.0.0.beta.4)
    em-synchrony (1.0.2)
      eventmachine (>= 1.0.0.beta.1)
    http_parser.rb (0.5.3)
    rack (1.4.1)
    rack-protection (1.2.0)
      rack
    sinatra (1.3.3)
      rack (~> 1.3, >= 1.3.6)
      rack-protection (~> 1.2)
      tilt (~> 1.3, >= 1.3.3)
    sinatra-symphony (0.3.0)
      async-rack
      em-synchrony
      sinatra
    thin (1.4.1)
      daemons (>= 1.0.9)
      eventmachine (>= 0.12.6)
      rack (>= 1.0.0)
    tilt (1.3.3)
    yajl-ruby (1.1.0)

PLATFORMS
  ruby

DEPENDENCIES
  em-http-request
  eventmachine!
  pastry!
  sinatra-symphony (>= 0.3.0)
  yajl-ruby
